GEM
  remote: https://rubygems.org/
  specs:
    yard (0.9.8)

PLATFORMS
  ruby

DEPENDENCIES
  yard

BUNDLED WITH
   1.15.4
