GEM
  remote: https://rubygems.org/
  specs:
    yard (0.9.12)

PLATFORMS
  ruby

DEPENDENCIES
  yard (~> 0.9.11)

BUNDLED WITH
   1.16.1
