GEM
  remote: https://rubygems.org/
  specs:
    yard (0.9.36)

PLATFORMS
  ruby

DEPENDENCIES
  yard (~> 0.9.36)

BUNDLED WITH
   2.3.26
