GEM
  remote: https://rubygems.org/
  specs:
    webrick (1.7.0)
    yard (0.9.28)
      webrick (~> 1.7.0)

PLATFORMS
  ruby

DEPENDENCIES
  yard (~> 0.9.20)

BUNDLED WITH
   2.3.26
